GEM
  remote: https://rubygems.org/
  specs:
    google-protobuf (3.22.3-arm64-darwin)
    google-protobuf (3.22.3-x86_64-darwin)
    google-protobuf (3.22.3-x86_64-linux)
    googleapis-common-protos-types (1.5.0)
      google-protobuf (~> 3.14)
    grpc (1.53.0)
      google-protobuf (~> 3.21)
      googleapis-common-protos-types (~> 1.0)
    grpc (1.53.0-x86_64-darwin)
      google-protobuf (~> 3.21)
      googleapis-common-protos-types (~> 1.0)
    grpc (1.53.0-x86_64-linux)
      google-protobuf (~> 3.21)
      googleapis-common-protos-types (~> 1.0)

PLATFORMS
  arm64-darwin-21
  x86_64-darwin-20
  x86_64-linux

DEPENDENCIES
  grpc (= 1.53.0)

BUNDLED WITH
   2.4.10
